GIT
  remote: git://github.com/maccman/sinatra-contrib.git
  revision: 3dde2819a31791a9124d916c4449df0741af45f9
  specs:
    sinatra-contrib (1.4.1)
      multi_json
      rack-protection
      rack-test
      sinatra (~> 1.4.0)
      tilt (~> 1.3)

GEM
  remote: https://rubygems.org/
  specs:
    activesupport (4.2.1)
      i18n (~> 0.7)
      json (~> 1.7, >= 1.7.7)
      minitest (~> 5.1)
      thread_safe (~> 0.3, >= 0.3.4)
      tzinfo (~> 1.1)
    builder (3.2.2)
    byebug (4.0.5)
      columnize (= 0.9.0)
    closure-compiler (1.1.11)
    coffee-script (2.4.1)
      coffee-script-source
      execjs
    coffee-script-source (1.9.1.1)
    columnize (0.9.0)
    daemons (1.2.2)
    dalli (2.7.4)
    dotenv (2.0.1)
    eco (1.0.0)
      coffee-script
      eco-source
      execjs
    eco-source (1.1.0.rc.1)
    erubis (2.7.0)
    eventmachine (1.0.7)
    execjs (2.5.2)
    i18n (0.7.0)
    json (1.7.7)
    kgio (2.9.3)
    memcachier (0.0.2)
    minitest (5.6.0)
    multi_json (1.11.0)
    pg (0.18.1)
    rack (1.6.0)
    rack-protection (1.5.3)
      rack
    rack-standards (0.0.1)
    rack-test (0.6.3)
      rack (>= 1.0)
    raindrops (0.13.0)
    rake (10.4.2)
    sequel (4.21.0)
    sinatra (1.4.6)
      rack (~> 1.4)
      rack-protection (~> 1.4)
      tilt (>= 1.3, < 3)
    sinatra-sequel (0.9.0)
      sequel (>= 3.2.0)
      sinatra (>= 0.9.4)
    sprockets (3.0.2)
      rack (~> 1.0)
    sprockets-memcache-store (0.0.3)
      dalli
    stylus (1.0.1)
      execjs
      stylus-source
    stylus-source (0.31.0)
    thin (1.6.3)
      daemons (~> 1.0, >= 1.0.9)
      eventmachine (~> 1.0)
      rack (~> 1.0)
    thread_safe (0.3.5)
    tilt (1.4.1)
    tzinfo (1.2.2)
      thread_safe (~> 0.1)
    uglifier (2.2.1)
      execjs (>= 0.3.0)
      multi_json (~> 1.0, >= 1.0.2)
    unicorn (4.9.0)
      kgio (~> 2.6)
      rack
      raindrops (~> 0.7)
    yui-compressor (0.12.0)

PLATFORMS
  ruby

DEPENDENCIES
  activesupport
  builder
  byebug
  closure-compiler
  coffee-script
  dalli
  dotenv
  eco
  erubis
  i18n
  json (~> 1.7.7)
  memcachier
  pg
  rack-standards
  rake
  sequel
  sinatra
  sinatra-contrib!
  sinatra-sequel
  sprockets
  sprockets-memcache-store
  stylus
  stylus-source (= 0.31.0)
  thin
  uglifier
  unicorn
  yui-compressor
